GEM
  remote: https://rubygems.org/
  specs:
    dotenv (0.9.0)
    imgkit (1.3.10)
    mysql2 (0.3.13)
    rack (1.5.2)
    rack-protection (1.5.1)
      rack
    sinatra (1.4.4)
      rack (~> 1.4)
      rack-protection (~> 1.4)
      tilt (~> 1.3, >= 1.3.4)
    tilt (1.4.1)

PLATFORMS
  ruby

DEPENDENCIES
  dotenv
  imgkit
  mysql2
  sinatra
